PATH
  remote: .
  specs:
    providers (1.0.0)
      activesupport (~> 3.2.11)

GEM
  remote: http://rubygems.org/
  specs:
    activesupport (3.2.11)
      i18n (~> 0.6)
      multi_json (~> 1.0)
    i18n (0.6.1)
    multi_json (1.6.1)

PLATFORMS
  ruby

DEPENDENCIES
  providers!
